!INTERFILE  :=
!name of data file := expected_image.v
!total number of images := 31
!data offset in bytes := 0
!imagedata byte order := LITTLEENDIAN
!number format := short float
!number of bytes per pixel := 4
matrix axis label [1] := x
!matrix size [1] := 111
scaling factor (mm/pixel) [1] := 3
matrix axis label [2] := y
!matrix size [2] := 111
scaling factor (mm/pixel) [2] := 3
;Correct value is of keyword (commented out)
;!slice thickness (pixels) := 1.125
;Value for Analyze
!slice thickness (pixels) := 3.375
!END OF INTERFILE :=
