!INTERFILE  :=
name of data file := my_image0.v
!GENERAL DATA :=
!GENERAL IMAGE DATA :=
!type of data := PET
imagedata byte order := LITTLEENDIAN
!PET STUDY (General) :=
!PET data type := Image
process status := Reconstructed
!number format := float
!number of bytes per pixel := 4
number of dimensions := 3
matrix axis label [1] := x
!matrix size [1] := 111
scaling factor (mm/pixel) [1] := 3
matrix axis label [2] := y
!matrix size [2] := 111
scaling factor (mm/pixel) [2] := 3
matrix axis label [3] := z
!matrix size [3] := 31
scaling factor (mm/pixel) [3] := 3.375
first pixel offset (mm) [1] := -165
first pixel offset (mm) [2] := -165
first pixel offset (mm) [3] := 0
number of time frames := 1
!END OF INTERFILE :=
